GEM
  remote: https://rubygems.org/
  specs:
    exif (2.2.0)

PLATFORMS
  ruby

DEPENDENCIES
  exif

BUNDLED WITH
   1.16.4
